GEM
  remote: https://rubygems.org/
  specs:
    fam (0.1.2)
    haml (5.0.4)
      temple (>= 0.8.0)
      tilt
    kgio (2.11.2)
    mustermann (1.0.2)
    rack (2.0.5)
    rack-protection (2.0.3)
      rack
    rack-ssl (1.4.1)
      rack
    raindrops (0.19.0)
    sinatra (2.0.3)
      mustermann (~> 1.0)
      rack (~> 2.0)
      rack-protection (= 2.0.3)
      tilt (~> 2.0)
    temple (0.8.0)
    tilt (2.0.8)
    unicorn (5.4.1)
      kgio (~> 2.6)
      raindrops (~> 0.7)

PLATFORMS
  ruby

DEPENDENCIES
  fam (~> 0.1, >= 0.1.2)
  haml (~> 5.0, >= 5.0.4)
  rack-ssl (~> 1.4)
  sinatra (~> 2.0, >= 2.0.1)
  unicorn (~> 5.1, >= 5.1.0)

BUNDLED WITH
   1.16.0
